PATH
  remote: .
  specs:
    steam-condenser (1.0.2)
      bzip2-ruby (~> 0.2.7)
      multi_json (~> 1.0.3)

GEM
  remote: http://rubygems.org/
  specs:
    bzip2-ruby (0.2.7)
    metaclass (0.0.1)
    mocha (0.10.0)
      metaclass (~> 0.0.1)
    multi_json (1.0.3)
    rake (0.9.2.2)
    shoulda-context (1.0.0)
    yard (0.7.3)

PLATFORMS
  ruby

DEPENDENCIES
  mocha (~> 0.10.0)
  rake (~> 0.9.2)
  shoulda-context (~> 1.0.0)
  steam-condenser!
  yard (~> 0.7.2)
