PATH
  remote: .
  specs:
    steam-condenser (1.0.2)
      bzip2-ruby (~> 0.2.7)
      multi_json (~> 1.0.3)

GEM
  remote: http://rubygems.org/
  specs:
    bzip2-ruby (0.2.7)
    multi_json (1.0.3)
    rake (0.9.2)
    yard (0.7.2)

PLATFORMS
  ruby

DEPENDENCIES
  rake (~> 0.9.2)
  steam-condenser!
  yard (~> 0.7.2)
